PATH
  remote: .
  specs:
    guard-protobuf (0.0.1)
      guard
      ruby_protobuf

GEM
  remote: http://rubygems.org/
  specs:
    diff-lcs (1.1.3)
    guard (0.8.8)
      thor (~> 0.14.6)
    rspec (2.7.0)
      rspec-core (~> 2.7.0)
      rspec-expectations (~> 2.7.0)
      rspec-mocks (~> 2.7.0)
    rspec-core (2.7.1)
    rspec-expectations (2.7.0)
      diff-lcs (~> 1.1.2)
    rspec-mocks (2.7.0)
    ruby_protobuf (0.4.11)
    thor (0.14.6)

PLATFORMS
  ruby

DEPENDENCIES
  bundler
  guard-protobuf!
  rspec
